GIT
  remote: git://github.com/rails/rails.git
  revision: 562277bcf0adcd6a3331c79883666ba03c6c2cde
  branch: 3-1-stable
  specs:
    actionmailer (3.1.0)
      actionpack (= 3.1.0)
      mail (~> 2.3.0)
    actionpack (3.1.0)
      activemodel (= 3.1.0)
      activesupport (= 3.1.0)
      builder (~> 3.0.0)
      erubis (~> 2.7.0)
      i18n (~> 0.6)
      rack (~> 1.3.2)
      rack-cache (~> 1.0.3)
      rack-mount (~> 0.8.2)
      rack-test (~> 0.6.1)
      sprockets (~> 2.0.0)
    activemodel (3.1.0)
      activesupport (= 3.1.0)
      builder (~> 3.0.0)
      i18n (~> 0.6)
    activerecord (3.1.0)
      activemodel (= 3.1.0)
      activesupport (= 3.1.0)
      arel (~> 2.2.1)
      tzinfo (~> 0.3.29)
    activeresource (3.1.0)
      activemodel (= 3.1.0)
      activesupport (= 3.1.0)
    activesupport (3.1.0)
      multi_json (~> 1.0)
    rails (3.1.0)
      actionmailer (= 3.1.0)
      actionpack (= 3.1.0)
      activerecord (= 3.1.0)
      activeresource (= 3.1.0)
      activesupport (= 3.1.0)
      bundler (~> 1.0)
      railties (= 3.1.0)
    railties (3.1.0)
      actionpack (= 3.1.0)
      activesupport (= 3.1.0)
      rack-ssl (~> 1.3.2)
      rake (>= 0.8.7)
      rdoc (~> 3.4)
      thor (~> 0.14.6)

GIT
  remote: https://github.com/p7r/will_paginate.git
  revision: 53d1da6da003dc172ee054e4cc416d0723f00b88
  branch: rails3
  specs:
    will_paginate (3.0.pre3)

GEM
  remote: http://rubygems.org/
  specs:
    arel (2.2.1)
    bcrypt-ruby (3.0.0)
    builder (3.0.0)
    chunky_png (1.2.1)
    compass (0.11.5)
      chunky_png (~> 1.2)
      fssm (>= 0.2.7)
      sass (~> 3.1)
    devise (1.4.5)
      bcrypt-ruby (~> 3.0)
      orm_adapter (~> 0.0.3)
      warden (~> 1.0.3)
    diff-lcs (1.1.3)
    dynamic_form (1.1.4)
    erubis (2.7.0)
    factory_girl (2.1.0)
    factory_girl_rails (1.2.0)
      factory_girl (~> 2.1.0)
      railties (>= 3.0.0)
    fssm (0.2.7)
    haml (3.1.3)
    haml-rails (0.3.4)
      actionpack (~> 3.0)
      activesupport (~> 3.0)
      haml (~> 3.0)
      railties (~> 3.0)
    has_scope (0.5.1)
    hike (1.2.1)
    hpricot (0.8.4)
    i18n (0.6.0)
    inherited_resources (1.3.0)
      has_scope (~> 0.5.0)
      responders (~> 0.6.0)
    jquery-rails (1.0.14)
      railties (~> 3.0)
      thor (~> 0.14)
    mail (2.3.0)
      i18n (>= 0.4.0)
      mime-types (~> 1.16)
      treetop (~> 1.4.8)
    mime-types (1.16)
    multi_json (1.0.3)
    open4 (0.9.6)
    orm_adapter (0.0.5)
    polyglot (0.3.2)
    rack (1.3.2)
    rack-cache (1.0.3)
      rack (>= 0.4)
    rack-mount (0.8.3)
      rack (>= 1.0.0)
    rack-ssl (1.3.2)
      rack
    rack-test (0.6.1)
      rack (>= 1.0)
    rails3-generators (0.17.4)
      railties (>= 3.0.0)
    rake (0.9.2)
    rake-remote_task (2.0.4)
      open4 (~> 0.9.0)
      rake (~> 0.8)
    rdoc (3.9.4)
    responders (0.6.4)
    rspec (2.6.0)
      rspec-core (~> 2.6.0)
      rspec-expectations (~> 2.6.0)
      rspec-mocks (~> 2.6.0)
    rspec-core (2.6.4)
    rspec-expectations (2.6.0)
      diff-lcs (~> 1.1.2)
    rspec-mocks (2.6.0)
    rspec-rails (2.6.1)
      actionpack (~> 3.0)
      activesupport (~> 3.0)
      railties (~> 3.0)
      rspec (~> 2.6.0)
    ruby_parser (2.3.0)
      sexp_processor (~> 3.0)
    sass (3.1.7)
    sexp_processor (3.0.6)
    shoulda (2.11.3)
    sprockets (2.0.0)
      hike (~> 1.2)
      rack (~> 1.0)
      tilt (!= 1.3.0, ~> 1.1)
    sqlite3 (1.3.4)
    sqlite3-ruby (1.3.3)
      sqlite3 (>= 1.3.3)
    thor (0.14.6)
    tilt (1.3.3)
    treetop (1.4.10)
      polyglot
      polyglot (>= 0.3.1)
    tzinfo (0.3.29)
    vlad (2.2.2)
      open4 (~> 0.9.0)
      rake (~> 0.8)
      rake-remote_task (~> 2.0)
    vlad-git (2.2.0)
      vlad (>= 2.1.0)
    warden (1.0.5)
      rack (>= 1.0)
    web-app-theme (0.7.0)
    whois (2.1.0)
    zonefile (1.00)

PLATFORMS
  ruby

DEPENDENCIES
  compass
  devise
  dynamic_form
  factory_girl_rails
  haml (>= 3.0.0)
  haml-rails
  hpricot
  inherited_resources
  jquery-rails
  rails!
  rails3-generators
  rspec-rails (>= 2.0.1)
  ruby_parser
  shoulda
  sqlite3-ruby
  vlad
  vlad-git
  web-app-theme (>= 0.6.2)
  whois
  will_paginate!
  zonefile
